GEM
  remote: https://rubygems.org/
  specs:
    rake (0.9.2)
    sass (3.2.7)

PLATFORMS
  ruby

DEPENDENCIES
  rake
  sass
